GEM
  remote: https://rubygems.org/
  specs:
    crass (1.0.4)
    faraday (0.14.0)
      multipart-post (>= 1.2, < 3)
    faraday_middleware (0.12.2)
      faraday (>= 0.7.4, < 1.0)
    feedjira (2.1.4)
      faraday (>= 0.9)
      faraday_middleware (>= 0.9)
      loofah (>= 2.0)
      sax-machine (>= 1.0)
    loofah (2.2.2)
      crass (~> 1.0.2)
      nokogiri (>= 1.5.9)
    mini_portile2 (2.3.0)
    multipart-post (2.0.0)
    nokogiri (1.8.2)
      mini_portile2 (~> 2.3.0)
    sax-machine (1.3.2)
    sqlite3 (1.3.13)

PLATFORMS
  ruby

DEPENDENCIES
  feedjira
  sqlite3

BUNDLED WITH
   1.16.1
